GEM
  remote: https://rubygems.org/
  specs:
    ast (2.4.0)
    builder (3.2.4)
    docile (1.3.2)
    jaro_winkler (1.5.4)
    jaro_winkler (1.5.4-java)
    json (2.3.0)
    json (2.3.0-java)
    minitest (5.14.0)
    parallel (1.19.1)
    parser (2.7.0.4)
      ast (~> 2.4.0)
    rainbow (3.0.0)
    rake (13.0.1)
    rdoc (6.2.0)
    rubocop (0.77.0)
      jaro_winkler (~> 1.5.1)
      parallel (~> 1.10)
      parser (>= 2.6)
      rainbow (>= 2.2.2, < 4.0)
      ruby-progressbar (~> 1.7)
      unicode-display_width (>= 1.4.0, < 1.7)
    ruby-progressbar (1.10.1)
    simplecov (0.17.1)
      docile (~> 1.1)
      json (>= 1.8, < 3)
      simplecov-html (~> 0.10.0)
    simplecov-html (0.10.2)
    unicode-display_width (1.6.1)

PLATFORMS
  java
  ruby

DEPENDENCIES
  builder (~> 3.0)
  minitest (~> 5.0)
  rake (~> 13.0)
  rdoc (= 6.2.0)
  rubocop (~> 0.77.0)
  simplecov (~> 0.17.0)

BUNDLED WITH
   2.1.4
